PATH
  remote: .
  specs:
    pronto-punchlist (0.1.1)
      pronto
      punchlist (>= 1.3.0)

GEM
  remote: https://rubygems.org/
  specs:
    addressable (2.7.0)
      public_suffix (>= 2.0.2, < 5.0)
    ast (2.4.2)
    bump (0.10.0)
    childprocess (4.1.0)
    diff-lcs (1.4.4)
    docile (1.4.0)
    faraday (1.4.3)
      faraday-em_http (~> 1.0)
      faraday-em_synchrony (~> 1.0)
      faraday-excon (~> 1.1)
      faraday-net_http (~> 1.0)
      faraday-net_http_persistent (~> 1.1)
      multipart-post (>= 1.2, < 3)
      ruby2_keywords (>= 0.0.4)
    faraday-em_http (1.0.0)
    faraday-em_synchrony (1.0.0)
    faraday-excon (1.1.0)
    faraday-net_http (1.0.1)
    faraday-net_http_persistent (1.1.0)
    gitlab (4.17.0)
      httparty (~> 0.18)
      terminal-table (~> 1.5, >= 1.5.1)
    httparty (0.18.1)
      mime-types (~> 3.0)
      multi_xml (>= 0.5.2)
    imagen (0.1.8)
      parser (>= 2.5, != 2.5.1.1)
    iniparse (1.5.0)
    mime-types (3.3.1)
      mime-types-data (~> 3.2015)
    mime-types-data (3.2021.0225)
    minitest-profile (0.0.2)
    multi_xml (0.6.0)
    multipart-post (2.1.1)
    octokit (4.21.0)
      faraday (>= 0.9)
      sawyer (~> 0.8.0, >= 0.5.3)
    overcommit (0.58.0)
      childprocess (>= 0.6.3, < 5)
      iniparse (~> 1.4)
      rexml (~> 3.2)
    parallel (1.20.1)
    parser (3.0.1.1)
      ast (~> 2.4.1)
    pronto (0.11.0)
      gitlab (~> 4.4, >= 4.4.0)
      httparty (>= 0.13.7)
      octokit (~> 4.7, >= 4.7.0)
      rainbow (>= 2.2, < 4.0)
      rexml (~> 3.2)
      rugged (>= 0.23.0, < 1.1.0)
      thor (>= 0.20.3, < 2.0)
    public_suffix (4.0.6)
    punchlist (1.3.0)
      source_finder (>= 2)
    rainbow (3.0.0)
    rake (13.0.3)
    regexp_parser (2.1.1)
    rexml (3.2.5)
    rspec (3.10.0)
      rspec-core (~> 3.10.0)
      rspec-expectations (~> 3.10.0)
      rspec-mocks (~> 3.10.0)
    rspec-core (3.10.1)
      rspec-support (~> 3.10.0)
    rspec-expectations (3.10.1)
      diff-lcs (>= 1.2.0, < 2.0)
      rspec-support (~> 3.10.0)
    rspec-mocks (3.10.2)
      diff-lcs (>= 1.2.0, < 2.0)
      rspec-support (~> 3.10.0)
    rspec-support (3.10.2)
    rubocop (1.18.0)
      parallel (~> 1.10)
      parser (>= 3.0.0.0)
      rainbow (>= 2.2.2, < 4.0)
      regexp_parser (>= 1.8, < 3.0)
      rexml
      rubocop-ast (>= 1.7.0, < 2.0)
      ruby-progressbar (~> 1.7)
      unicode-display_width (>= 1.4.0, < 3.0)
    rubocop-ast (1.7.0)
      parser (>= 3.0.1.1)
    rubocop-rake (0.6.0)
      rubocop (~> 1.0)
    rubocop-rspec (2.4.0)
      rubocop (~> 1.0)
      rubocop-ast (>= 1.1.0)
    ruby-progressbar (1.11.0)
    ruby2_keywords (0.0.4)
    rugged (1.0.1)
    sawyer (0.8.2)
      addressable (>= 2.3.5)
      faraday (> 0.8, < 2.0)
    simplecov (0.21.2)
      docile (~> 1.1)
      simplecov-html (~> 0.11)
      simplecov_json_formatter (~> 0.1)
    simplecov-html (0.12.3)
    simplecov-lcov (0.8.0)
    simplecov_json_formatter (0.1.3)
    source_finder (3.2.1)
    terminal-table (1.6.0)
    thor (1.1.0)
    undercover (0.4.3)
      imagen (>= 0.1.8)
      rainbow (>= 2.1, < 4.0)
      rugged (>= 0.27, < 1.2)
    unicode-display_width (2.0.0)

PLATFORMS
  ruby
  x86_64-darwin-20
  x86_64-linux

DEPENDENCIES
  bump
  bundler
  minitest-profile
  overcommit (>= 0.58.0)
  pronto-punchlist!
  rake (~> 13.0)
  rspec (>= 3.4)
  rubocop
  rubocop-rake
  rubocop-rspec
  simplecov
  simplecov-lcov
  source_finder
  undercover

BUNDLED WITH
   2.2.21
